GEM
  remote: https://rubygems.org/
  specs:
    backports (3.3.3)
    capistrano (2.15.5)
      highline
      net-scp (>= 1.0.0)
      net-sftp (>= 2.0.0)
      net-ssh (>= 2.0.14)
      net-ssh-gateway (>= 1.1.0)
    chunky_png (1.2.8)
    compass (0.12.2)
      chunky_png (~> 1.2)
      fssm (>= 0.2.7)
      sass (~> 3.1)
    compass-normalize (1.4.3)
      compass (>= 0.12.0)
    daemons (1.1.9)
    eventmachine (1.0.3)
    execjs (1.4.0)
      multi_json (~> 1.0)
    fssm (0.2.10)
    haml (4.0.0)
      tilt
    highline (1.6.19)
    hike (1.2.3)
    libv8 (3.11.8.17)
    maruku (0.6.1)
      syntax (>= 1.0.0)
    multi_json (1.7.7)
    net-scp (1.1.2)
      net-ssh (>= 2.6.5)
    net-sftp (2.1.2)
      net-ssh (>= 2.6.5)
    net-ssh (2.6.8)
    net-ssh-gateway (1.2.0)
      net-ssh (>= 2.6.5)
    rack (1.5.2)
    rack-protection (1.5.0)
      rack
    rack-session-file (0.5.0)
      rack (>= 1.1.0)
    rack-test (0.6.2)
      rack (>= 1.0)
    ref (1.0.5)
    rvm-capistrano (1.2.7)
      capistrano (>= 2.0.0)
    sass (3.2.10)
    sinatra (1.4.3)
      rack (~> 1.4)
      rack-protection (~> 1.4)
      tilt (~> 1.3, >= 1.3.4)
    sinatra-contrib (1.4.0)
      backports (>= 2.0)
      eventmachine
      rack-protection
      rack-test
      sinatra (~> 1.4.2)
      tilt (~> 1.3)
    sprockets (2.10.0)
      hike (~> 1.2)
      multi_json (~> 1.0)
      rack (~> 1.0)
      tilt (~> 1.1, != 1.3.0)
    sprockets-helpers (1.0.1)
      sprockets (~> 2.0)
    sprockets-sass (1.0.1)
      sprockets (~> 2.0)
      tilt (~> 1.1)
    susy (1.0.9)
      compass (>= 0.12.2)
      sass (>= 3.2.0)
    syntax (1.0.0)
    therubyracer (0.11.4)
      libv8 (~> 3.11.8.12)
      ref
    thin (1.5.1)
      daemons (>= 1.0.9)
      eventmachine (>= 0.12.6)
      rack (>= 1.0.0)
    tilt (1.4.1)
    uglifier (2.1.2)
      execjs (>= 0.3.0)
      multi_json (~> 1.0, >= 1.0.2)

PLATFORMS
  ruby

DEPENDENCIES
  bundler (= 1.3.5)
  compass (= 0.12.2)
  compass-normalize (= 1.4.3)
  execjs (= 1.4.0)
  haml (= 4.0.0)
  highline (= 1.6.19)
  maruku (= 0.6.1)
  rack (= 1.5.2)
  rack-session-file (= 0.5.0)
  rvm-capistrano (= 1.2.7)
  sinatra (= 1.4.3)
  sinatra-contrib (= 1.4.0)
  sprockets (= 2.10.0)
  sprockets-helpers (= 1.0.1)
  sprockets-sass (= 1.0.1)
  susy (= 1.0.9)
  therubyracer (= 0.11.4)
  thin (= 1.5.1)
  uglifier (= 2.1.2)
